GEM
  remote: https://rubygems.org/
  specs:
    coderay (1.1.3)
    diff-lcs (1.4.4)
    language_server-protocol (3.17.0.0)
    method_source (1.0.0)
    prettier_print (0.1.0)
    pry (0.14.1)
      coderay (~> 1.1)
      method_source (~> 1.0)
    rake (13.0.6)
    rspec (3.10.0)
      rspec-core (~> 3.10.0)
      rspec-expectations (~> 3.10.0)
      rspec-mocks (~> 3.10.0)
    rspec-core (3.10.1)
      rspec-support (~> 3.10.0)
    rspec-expectations (3.10.1)
      diff-lcs (>= 1.2.0, < 2.0)
      rspec-support (~> 3.10.0)
    rspec-mocks (3.10.2)
      diff-lcs (>= 1.2.0, < 2.0)
      rspec-support (~> 3.10.0)
    rspec-support (3.10.2)
    ruby-lsp (0.3.0)
      language_server-protocol
      sorbet-runtime
      syntax_tree (>= 3.4)
    sorbet-runtime (0.5.10382)
    sqlite3 (1.4.2)
    syntax_tree (3.5.0)
      prettier_print

PLATFORMS
  universal-darwin-20
  x86_64-linux

DEPENDENCIES
  pry
  rake
  rspec
  ruby-lsp (~> 0.3.0)
  sqlite3 (~> 1.4)

BUNDLED WITH
   2.2.23
